PATH
  remote: .
  specs:
    quimby (0.4.5)
      json
      typhoeus

GEM
  remote: http://rubygems.org/
  specs:
    diff-lcs (1.1.2)
    json (1.4.6)
    mime-types (1.16)
    rspec (2.5.0)
      rspec-core (~> 2.5.0)
      rspec-expectations (~> 2.5.0)
      rspec-mocks (~> 2.5.0)
    rspec-core (2.5.1)
    rspec-expectations (2.5.0)
      diff-lcs (~> 1.1.2)
    rspec-mocks (2.5.0)
    typhoeus (0.2.4)
      mime-types
      mime-types

PLATFORMS
  ruby

DEPENDENCIES
  quimby!
  rspec
