GEM
  remote: http://rubygems.org/
  specs:
    json (1.2.0)
    mime-types (1.16)
    typhoeus (0.2.4)
      mime-types
      mime-types
    vcr (1.10.0)

PLATFORMS
  ruby

DEPENDENCIES
  json (= 1.2.0)
  typhoeus (= 0.2.4)
  vcr (~> 1.10)
